GEM
  remote: https://rubygems.org/
  specs:
    atomic (1.1.14)
    buftok (0.1)
    celluloid (0.15.2)
      timers (~> 1.1.0)
    coderay (1.1.0)
    descendants_tracker (0.0.3)
    diff-lcs (1.2.5)
    equalizer (0.0.7)
    faraday (0.8.8)
      multipart-post (~> 1.2.0)
    ffi (1.9.3)
    formatador (0.2.4)
    guard (2.2.4)
      formatador (>= 0.2.4)
      listen (~> 2.1)
      lumberjack (~> 1.0)
      pry (>= 0.9.12)
      thor (>= 0.18.1)
    guard-rspec (4.0.4)
      guard (>= 2.1.1)
      rspec (~> 2.14)
    http (0.5.0)
      http_parser.rb
    http_parser.rb (0.5.3)
    json (1.8.1)
    listen (2.2.0)
      celluloid (>= 0.15.2)
      rb-fsevent (>= 0.9.3)
      rb-inotify (>= 0.9)
    lumberjack (1.0.4)
    memoizable (0.2.0)
      thread_safe (~> 0.1.3)
    method_source (0.8.2)
    multipart-post (1.2.0)
    omxplayer (0.4.1)
    pry (0.9.12.4)
      coderay (~> 1.0)
      method_source (~> 0.8)
      slop (~> 3.4)
    rb-fsevent (0.9.3)
    rb-inotify (0.9.2)
      ffi (>= 0.5.0)
    rspec (2.14.1)
      rspec-core (~> 2.14.0)
      rspec-expectations (~> 2.14.0)
      rspec-mocks (~> 2.14.0)
    rspec-core (2.14.7)
    rspec-expectations (2.14.4)
      diff-lcs (>= 1.1.3, < 2.0)
    rspec-mocks (2.14.4)
    serialport (1.3.0)
    simple_oauth (0.2.0)
    slop (3.4.7)
    thor (0.18.1)
    thread_safe (0.1.3)
      atomic
    timers (1.1.0)
    twitter (5.0.0)
      buftok (~> 0.1.0)
      descendants_tracker (~> 0.0.1)
      equalizer (~> 0.0.7)
      faraday (>= 0.8, < 0.10)
      http (~> 0.5.0)
      http_parser.rb (~> 0.5.0)
      json (~> 1.8)
      memoizable (~> 0.2.0)
      simple_oauth (~> 0.2.0)

PLATFORMS
  ruby

DEPENDENCIES
  guard-rspec
  omxplayer
  rb-fsevent (~> 0.9)
  rspec
  serialport
  twitter
